PATH
  remote: .
  specs:
    sottolio (0.1.4)
      opal (~> 0.8)

GEM
  remote: https://rubygems.org/
  specs:
    hike (1.2.3)
    opal (0.8.0)
      hike (~> 1.2)
      sourcemap (~> 0.1.0)
      sprockets (~> 3.1)
      tilt (>= 1.4)
    rack (1.6.4)
    rake (10.4.2)
    sourcemap (0.1.1)
    sprockets (3.3.0)
      rack (~> 1.0)
    tilt (2.0.1)

PLATFORMS
  ruby

DEPENDENCIES
  rake (~> 10.4)
  sottolio!

BUNDLED WITH
   1.10.5
